GEM
  remote: http://rubygems.org/
  specs:
    ansi (1.4.2)
    columnize (0.3.6)
    daemons (1.1.8)
    debugger (1.1.4)
      columnize (>= 0.3.1)
      debugger-linecache (~> 1.1.1)
      debugger-ruby_core_source (~> 1.1.3)
    debugger-linecache (1.1.1)
      debugger-ruby_core_source (>= 1.1.1)
    debugger-ruby_core_source (1.1.3)
    eventmachine (0.12.10)
    excon (0.16.4)
    expri (0.1.2)
      excon (= 0.16.4)
      multi_json (= 1.3.6)
    grape (0.2.0)
      hashie (~> 1.2)
      multi_json
      multi_xml
      rack
      rack-mount
    hashie (1.2.0)
    json (1.6.7)
    multi_json (1.3.6)
    multi_xml (0.5.1)
    pg (0.13.2)
    rack (1.4.1)
    rack-instruments (0.1.7)
      slides (~> 0.1)
    rack-mount (0.8.3)
      rack (>= 1.0.0)
    rack-test (0.6.1)
      rack (>= 1.0)
    rake (0.9.2.2)
    rr (1.0.4)
    sequel (3.36.1)
    sequel-instruments (0.1.0)
      slides (~> 0.1)
    slides (0.1.6)
    thin (1.3.1)
      daemons (>= 1.0.9)
      eventmachine (>= 0.12.6)
      rack (>= 1.0.0)
    turn (0.9.5)
      ansi

PLATFORMS
  ruby

DEPENDENCIES
  debugger (~> 1.1.3)
  expri
  grape (~> 0.2.0)
  json (~> 1.6.6)
  pg (~> 0.13.2)
  rack-instruments (~> 0.1.1)
  rack-test (~> 0.6.1)
  rake (~> 0.9.2.2)
  rr (~> 1.0.4)
  sequel (~> 3.36.1)
  sequel-instruments (~> 0.1.0)
  slides (~> 0.1.1)
  thin (~> 1.3.1)
  turn (~> 0.9.4)
