GEM
  remote: http://rubygems.org/
  specs:
    activemodel (3.2.6)
      activesupport (= 3.2.6)
      builder (~> 3.0.0)
    activerecord (3.2.6)
      activemodel (= 3.2.6)
      activesupport (= 3.2.6)
      arel (~> 3.0.2)
      tzinfo (~> 0.3.29)
    activesupport (3.2.6)
      i18n (~> 0.6)
      multi_json (~> 1.0)
    ansi (1.4.2)
    arel (3.0.2)
    builder (3.0.0)
    columnize (0.3.6)
    daemons (1.1.8)
    debugger (1.1.4)
      columnize (>= 0.3.1)
      debugger-linecache (~> 1.1.1)
      debugger-ruby_core_source (~> 1.1.3)
    debugger-linecache (1.1.1)
      debugger-ruby_core_source (>= 1.1.1)
    debugger-ruby_core_source (1.1.3)
    eventmachine (0.12.10)
    grape (0.2.0)
      hashie (~> 1.2)
      multi_json
      multi_xml
      rack
      rack-mount
    hashie (1.2.0)
    i18n (0.6.0)
    json (1.6.7)
    m (1.1.0)
      method_source (~> 0.6.7)
      rake (>= 0.9.2.2, < 1.0.0)
    method_source (0.6.7)
      ruby_parser (>= 2.3.1)
    multi_json (1.3.6)
    multi_xml (0.5.1)
    pg (0.13.2)
    rack (1.4.1)
    rack-instruments (0.1.7)
      slides (~> 0.1)
    rack-mount (0.8.3)
      rack (>= 1.0.0)
    rack-test (0.6.1)
      rack (>= 1.0)
    rake (0.9.2.2)
    redcarpet (2.1.1)
    rr (1.0.4)
    ruby_parser (2.3.1)
      sexp_processor (~> 3.0)
    sexp_processor (3.2.0)
    slides (0.1.5)
    thin (1.3.1)
      daemons (>= 1.0.9)
      eventmachine (>= 0.12.6)
      rack (>= 1.0.0)
    turn (0.9.5)
      ansi
    tzinfo (0.3.33)

PLATFORMS
  ruby

DEPENDENCIES
  activerecord (~> 3.2.3)
  debugger (~> 1.1.3)
  grape (~> 0.2.0)
  json (~> 1.6.6)
  m (~> 1.1)
  pg (~> 0.13.2)
  rack-instruments (~> 0.1.1)
  rack-test (~> 0.6.1)
  rake (~> 0.9.2.2)
  redcarpet (~> 2.1.1)
  rr (~> 1.0.4)
  slides (~> 0.1.1)
  thin (~> 1.3.1)
  turn (~> 0.9.4)
